Brain Vision Data Exchange Header File Version 1.0
; Written using pybv 0.7.5

[Common Infos]
Codepage=UTF-8
DataFile=sub-01_ses-02_task-audiovisual_run-01_eeg.eeg
MarkerFile=sub-01_ses-02_task-audiovisual_run-01_eeg.vmrk
DataFormat=BINARY
; Data orientation: MULTIPLEXED=ch1,pt1, ch2,pt1 ...
DataOrientation=MULTIPLEXED
NumberOfChannels=14
; Sampling interval in microseconds
SamplingInterval=3333.3333333333335

[Binary Infos]
BinaryFormat=IEEE_FLOAT_32

[Channel Infos]
; Each entry: Ch<Channel number>=<Name>,<Reference channel name>,
; <Resolution in "Unit">,<Unit>, Future extensions..
; Fields are delimited by commas, some fields might be omitted (empty).
; Commas in channel names are coded as "\1".
Ch1=AF3,,0.1,µV
Ch2=F7,,0.1,µV
Ch3=F3,,0.1,µV
Ch4=FC5,,0.1,µV
Ch5=T7,,0.1,µV
Ch6=P7,,0.1,µV
Ch7=O1,,0.1,µV
Ch8=O2,,0.1,µV
Ch9=P8,,0.1,µV
Ch10=T8,,0.1,µV
Ch11=FC6,,0.1,µV
Ch12=F4,,0.1,µV
Ch13=F8,,0.1,µV
Ch14=AF4,,0.1,µV

[Comment]

